GEM
  remote: https://rubygems.org/
  specs:
    ethon (0.12.0)
      ffi (>= 1.3.0)
    faraday (1.0.1)
      multipart-post (>= 1.2, < 3)
    faraday_middleware (1.0.0)
      faraday (~> 1.0)
    ffi (1.12.2)
    minitest (5.14.0)
    multipart-post (2.1.1)
    typhoeus (1.3.1)
      ethon (>= 0.9.0)

PLATFORMS
  ruby

DEPENDENCIES
  faraday
  faraday_middleware
  minitest
  typhoeus

RUBY VERSION
   ruby 2.7.1p83

BUNDLED WITH
   2.1.4
